GEM
  remote: https://rubygems.org/
  specs:
    minitest (5.13.0)

PLATFORMS
  ruby

DEPENDENCIES
  minitest

RUBY VERSION
   ruby 2.7.1p83

BUNDLED WITH
   2.1.4
